GEM
  remote: http://rubygems.org/
  specs:
    diff-lcs (1.1.3)
    ffi (1.12.2)
    gibberish (1.2.0)
    libusb (0.2.2)
      ffi (>= 1.0)
    magtek_card_reader (1.0.0)
      libusb (~> 0.2.0)
    mime-types (1.19)
    rake (13.0.1)
    rest-client (1.6.7)
      mime-types (>= 1.16)
    rspec (2.10.0)
      rspec-core (~> 2.10.0)
      rspec-expectations (~> 2.10.0)
      rspec-mocks (~> 2.10.0)
    rspec-core (2.10.1)
    rspec-expectations (2.10.0)
      diff-lcs (~> 1.1.3)
    rspec-mocks (2.10.1)

PLATFORMS
  ruby

DEPENDENCIES
  gibberish
  magtek_card_reader
  rake
  rest-client
  rspec
